PATH
  remote: .
  specs:
    beats (1.3.0)
      wavefile (= 0.6.0)

GEM
  remote: https://rubygems.org/
  specs:
    minitest (5.10.1)
    rake (12.0.0)
    syck (1.2.0)
    wavefile (0.6.0)

PLATFORMS
  ruby

DEPENDENCIES
  beats!
  minitest (~> 5)
  rake
  syck

BUNDLED WITH
   1.14.3
